GEM
  remote: https://rubygems.org/
  specs:
    sqlite3 (1.4.2)

PLATFORMS
  x86_64-darwin-18

DEPENDENCIES
  sqlite3

BUNDLED WITH
   2.2.27
